GEM
  remote: https://rubygems.org/
  specs:
    activemodel (4.2.1)
      activesupport (= 4.2.1)
      builder (~> 3.1)
    activerecord (4.2.1)
      activemodel (= 4.2.1)
      activesupport (= 4.2.1)
      arel (~> 6.0)
    activesupport (4.2.1)
      i18n (~> 0.7)
      json (~> 1.7, >= 1.7.7)
      minitest (~> 5.1)
      thread_safe (~> 0.3, >= 0.3.4)
      tzinfo (~> 1.1)
    addressable (2.3.8)
    arel (6.0.0)
    bcrypt (3.1.10)
    bcrypt-ruby (3.1.5)
      bcrypt (>= 3.1.3)
    builder (3.2.2)
    data_mapper (1.2.0)
      dm-aggregates (~> 1.2.0)
      dm-constraints (~> 1.2.0)
      dm-core (~> 1.2.0)
      dm-migrations (~> 1.2.0)
      dm-serializer (~> 1.2.0)
      dm-timestamps (~> 1.2.0)
      dm-transactions (~> 1.2.0)
      dm-types (~> 1.2.0)
      dm-validations (~> 1.2.0)
    data_objects (0.10.15)
      addressable (~> 2.1)
    dm-aggregates (1.2.0)
      dm-core (~> 1.2.0)
    dm-constraints (1.2.0)
      dm-core (~> 1.2.0)
    dm-core (1.2.1)
      addressable (~> 2.3)
    dm-do-adapter (1.2.0)
      data_objects (~> 0.10.6)
      dm-core (~> 1.2.0)
    dm-migrations (1.2.0)
      dm-core (~> 1.2.0)
    dm-postgres-adapter (1.2.0)
      dm-do-adapter (~> 1.2.0)
      do_postgres (~> 0.10.6)
    dm-serializer (1.2.2)
      dm-core (~> 1.2.0)
      fastercsv (~> 1.5)
      json (~> 1.6)
      json_pure (~> 1.6)
      multi_json (~> 1.0)
    dm-timestamps (1.2.0)
      dm-core (~> 1.2.0)
    dm-transactions (1.2.0)
      dm-core (~> 1.2.0)
    dm-types (1.2.2)
      bcrypt-ruby (~> 3.0)
      dm-core (~> 1.2.0)
      fastercsv (~> 1.5)
      json (~> 1.6)
      multi_json (~> 1.0)
      stringex (~> 1.4)
      uuidtools (~> 2.1)
    dm-validations (1.2.0)
      dm-core (~> 1.2.0)
    do_postgres (0.10.15)
      data_objects (= 0.10.15)
    fastercsv (1.5.5)
    i18n (0.7.0)
    json (1.8.2)
    json_pure (1.8.2)
    jwt (1.5.0)
    minitest (5.6.1)
    multi_json (1.11.0)
    pg (0.13.2)
    rack (1.6.1)
    rack-protection (1.5.3)
      rack
    rake (10.4.2)
    sinatra (1.4.6)
      rack (~> 1.4)
      rack-protection (~> 1.4)
      tilt (>= 1.3, < 3)
    sinatra-activerecord (2.0.6)
      activerecord (>= 3.2)
      sinatra (~> 1.0)
    sinatra-flash (0.3.0)
      sinatra (>= 1.0.0)
    sinatra-redirect-with-flash (0.2.1)
      sinatra (>= 1.0.0)
    stringex (1.5.1)
    thread_safe (0.3.5)
    tilt (2.0.1)
    twilio-ruby (4.1.0)
      builder (>= 2.1.2)
      jwt (~> 1.0)
      multi_json (>= 1.3.0)
    tzinfo (1.2.2)
      thread_safe (~> 0.1)
    uuidtools (2.1.5)

PLATFORMS
  ruby

DEPENDENCIES
  activerecord
  data_mapper
  dm-postgres-adapter
  pg
  rake
  sinatra
  sinatra-activerecord
  sinatra-flash
  sinatra-redirect-with-flash
  twilio-ruby
